GEM
  remote: https://rubygems.org/
  specs:
    activemodel (6.1.3)
      activesupport (= 6.1.3)
    activerecord (6.1.3)
      activemodel (= 6.1.3)
      activesupport (= 6.1.3)
    activesupport (6.1.3)
      concurrent-ruby (~> 1.0, >= 1.0.2)
      i18n (>= 1.6, < 2)
      minitest (>= 5.1)
      tzinfo (~> 2.0)
      zeitwerk (~> 2.3)
    ast (2.4.0)
    aws-eventstream (1.1.0)
    aws-partitions (1.308.0)
    aws-sdk-core (3.94.0)
      aws-eventstream (~> 1, >= 1.0.2)
      aws-partitions (~> 1, >= 1.239.0)
      aws-sigv4 (~> 1.1)
      jmespath (~> 1.0)
    aws-sdk-sns (1.22.0)
      aws-sdk-core (~> 3, >= 3.71.0)
      aws-sigv4 (~> 1.1)
    aws-sigv4 (1.1.3)
      aws-eventstream (~> 1.0, >= 1.0.2)
    coderay (1.1.2)
    concurrent-ruby (1.1.8)
    database_cleaner (1.8.4)
    database_cleaner-active_record (1.8.0)
      activerecord
      database_cleaner (~> 1.8.0)
    diff-lcs (1.3)
    dotenv (2.7.5)
    factory_bot (5.1.2)
      activesupport (>= 4.2.0)
    i18n (1.8.9)
      concurrent-ruby (~> 1.0)
    jaro_winkler (1.5.4)
    jmespath (1.4.0)
    method_source (0.9.2)
    minitest (5.14.4)
    mustermann (2.0.2)
      ruby2_keywords (~> 0.0.1)
    parallel (1.19.1)
    parser (2.7.1.1)
      ast (~> 2.4.0)
    pg (1.2.3)
    pry (0.12.2)
      coderay (~> 1.1.0)
      method_source (~> 0.9.0)
    rack (2.2.4)
    rack-protection (2.2.3)
      rack
    rack-test (1.1.0)
      rack (>= 1.0, < 3)
    rainbow (3.0.0)
    rake (13.0.1)
    rexml (3.2.4)
    rspec (3.9.0)
      rspec-core (~> 3.9.0)
      rspec-expectations (~> 3.9.0)
      rspec-mocks (~> 3.9.0)
    rspec-core (3.9.1)
      rspec-support (~> 3.9.1)
    rspec-expectations (3.9.1)
      diff-lcs (>= 1.2.0, < 2.0)
      rspec-support (~> 3.9.0)
    rspec-mocks (3.9.1)
      diff-lcs (>= 1.2.0, < 2.0)
      rspec-support (~> 3.9.0)
    rspec-support (3.9.2)
    rubocop (0.82.0)
      jaro_winkler (~> 1.5.1)
      parallel (~> 1.10)
      parser (>= 2.7.0.1)
      rainbow (>= 2.2.2, < 4.0)
      rexml
      ruby-progressbar (~> 1.7)
      unicode-display_width (>= 1.4.0, < 2.0)
    ruby-progressbar (1.10.1)
    ruby2_keywords (0.0.5)
    ruby_http_client (3.5.0)
    sendgrid-ruby (6.3.1)
      ruby_http_client (~> 3.4)
    sinatra (2.2.3)
      mustermann (~> 2.0)
      rack (~> 2.2)
      rack-protection (= 2.2.3)
      tilt (~> 2.0)
    sinatra-activerecord (2.0.18)
      activerecord (>= 4.1)
      sinatra (>= 1.0)
    sinatra-flash (0.3.0)
      sinatra (>= 1.0.0)
    tilt (2.0.11)
    tzinfo (2.0.4)
      concurrent-ruby (~> 1.0)
    unicode-display_width (1.7.0)
    zeitwerk (2.4.2)

PLATFORMS
  ruby

DEPENDENCIES
  aws-sdk-sns (~> 1.22.0)
  database_cleaner-active_record (~> 1.8.0)
  dotenv (~> 2.7.5)
  factory_bot (~> 5.1.2)
  pg (~> 1.2.3)
  pry (~> 0.12.2)
  rack-test (~> 1.1.0)
  rake (~> 13.0.1)
  rspec (~> 3.9.0)
  rubocop (~> 0.82.0)
  sendgrid-ruby (~> 6.3.1)
  sinatra (~> 2.2.3)
  sinatra-activerecord (~> 2.0.18)
  sinatra-flash (~> 0.3.0)

RUBY VERSION
   ruby 2.7.0p0

BUNDLED WITH
   2.1.2
